GEM
  remote: https://rubygems.org/
  specs:
    SassyLists (2.2.4)
      sass (~> 3.3)
    breakpoint (2.5.0)
      sass (~> 3.3)
      sassy-maps (< 1.0.0)
    breakpoint-slicer (1.3.6)
      breakpoint (>= 2.0.1)
      compass (>= 0.12.2)
      sass (>= 3.2.1)
    chunky_png (1.3.4)
    compass (1.0.3)
      chunky_png (~> 1.2)
      compass-core (~> 1.0.2)
      compass-import-once (~> 1.0.5)
      rb-fsevent (>= 0.9.3)
      rb-inotify (>= 0.9)
      sass (>= 3.3.13, < 3.5)
    compass-core (1.0.3)
      multi_json (~> 1.0)
      sass (>= 3.3.0, < 3.5)
    compass-import-once (1.0.5)
      sass (>= 3.2, < 3.5)
    ffi (1.9.9-x64-mingw32)
    ffi (1.9.9-x86-mingw32)
    multi_json (1.11.1)
    rb-fsevent (0.9.5)
    rb-inotify (0.9.5)
      ffi (>= 0.5.0)
    sass (3.4.15)
    sassy-buttons (0.2.6)
      compass (>= 0.12.2)
    sassy-maps (0.4.0)
      sass (~> 3.3)
    singularity-quick-spanner (0.1.3)
      breakpoint (>= 2.4.2)
      breakpoint-slicer (>= 1.3.4)
      sass (>= 3.3.0)
      singularitygs (>= 1.2.1)
    singularitygs (1.6.2)
      breakpoint (~> 2.4)
      sass (~> 3.3)
    toolkit (2.9.0)
      sass (~> 3.3)

PLATFORMS
  x64-mingw32
  x86-mingw32

DEPENDENCIES
  SassyLists
  breakpoint
  breakpoint-slicer
  compass
  sass
  sassy-buttons
  singularity-quick-spanner
  singularitygs
  toolkit

BUNDLED WITH
   1.10.6
